GIT
  remote: git://github.com/linjunpop/weixin_js_sdk.git
  revision: 50bd1e9696eba30369662b0983e3beedfc8aaf52
  specs:
    weixin_js_sdk (0.0.1)

GEM
  remote: https://rubygems.org/
  specs:
    dalli (2.7.2)
    dotenv (1.0.2)
    multi_json (1.10.1)
    newrelic_rpm (3.9.9.275)
    oj (2.11.2)
    puma (2.10.2)
      rack (>= 1.1, < 2.0)
    rack (1.6.0)
    rack-protection (1.5.3)
      rack
    rack-timeout (0.1.1)
    rollbar (1.3.2)
      multi_json (~> 1.3)
    sinatra (1.4.5)
      rack (~> 1.4)
      rack-protection (~> 1.4)
      tilt (~> 1.3, >= 1.3.4)
    tilt (1.4.1)

PLATFORMS
  ruby

DEPENDENCIES
  dalli
  dotenv
  newrelic_rpm
  oj
  puma
  rack-timeout
  rollbar
  sinatra
  weixin_js_sdk!
