GIT
  remote: git://github.com/linjunpop/weixin_js_sdk.git
  revision: 894b07d9a455f2ddca9aa1d43e6684b82e44749a
  specs:
    weixin_js_sdk (0.0.3)

GEM
  remote: https://rubygems.org/
  specs:
    dalli (2.7.6)
    dotenv (2.1.1)
    multi_json (1.12.1)
    newrelic_rpm (3.17.0.325)
    puma (3.6.0)
    rack (1.6.4)
    rack-protection (1.5.3)
      rack
    rack-timeout (0.4.2)
    rollbar (2.13.3)
      multi_json
    sinatra (1.4.7)
      rack (~> 1.5)
      rack-protection (~> 1.4)
      tilt (>= 1.3, < 3)
    tilt (2.0.5)

PLATFORMS
  ruby

DEPENDENCIES
  dalli
  dotenv
  newrelic_rpm
  puma
  rack-timeout
  rollbar
  sinatra
  weixin_js_sdk!

RUBY VERSION
   ruby 2.3.1p112

BUNDLED WITH
   1.12.5
